GEM
  remote: https://rubygems.org/
  specs:
    armor (0.0.3)
    cuba (3.9.3)
      rack (>= 1.6.0)
    cuba-contrib (3.1.0)
      cuba (~> 3.1)
    hiredis (0.6.3)
    mote (1.3.1)
    nest (3.2.0)
      redic
    ohm (3.1.1)
      nest (~> 3)
      redic (~> 1.5.0)
      stal
    ohm-contrib (3.0.0)
      ohm (~> 3.0)
    rack (2.2.3)
    rack-protection (2.1.0)
      rack
    redic (1.5.3)
      hiredis
    scrivener (1.1.1)
    scrivener_errors (0.0.6)
    shield (2.1.1)
      armor
    shotgun (0.9.2)
      rack (>= 1.0)
    stal (0.3.0)
      redic (~> 1.5)

PLATFORMS
  ruby

DEPENDENCIES
  cuba
  cuba-contrib
  mote
  ohm
  ohm-contrib
  rack-protection
  scrivener
  scrivener_errors
  shield
  shotgun

BUNDLED WITH
   2.1.4
